PATH
  remote: .
  specs:
    amazon_static_site (0.1.0)
      activesupport
      aws-sdk-s3
      cloudflare
      sinatra

GEM
  remote: https://rubygems.org/
  specs:
    activesupport (6.0.2)
      concurrent-ruby (~> 1.0, >= 1.0.2)
      i18n (>= 0.7, < 2)
      minitest (~> 5.1)
      tzinfo (~> 1.1)
      zeitwerk (~> 2.2)
    async (1.24.0)
      console (~> 1.0)
      nio4r (~> 2.3)
      timers (~> 4.1)
    async-http (0.49.1)
      async (~> 1.23)
      async-io (~> 1.27.0)
      protocol-http (~> 0.13.0)
      protocol-http1 (~> 0.10.0)
      protocol-http2 (~> 0.10.0)
    async-io (1.27.1)
      async (~> 1.14)
    async-rest (0.10.1)
      async-http (~> 0.42)
      protocol-http (~> 0.7)
    aws-eventstream (1.0.3)
    aws-partitions (1.255.0)
    aws-sdk-core (3.86.0)
      aws-eventstream (~> 1.0, >= 1.0.2)
      aws-partitions (~> 1, >= 1.239.0)
      aws-sigv4 (~> 1.1)
      jmespath (~> 1.0)
    aws-sdk-kms (1.27.0)
      aws-sdk-core (~> 3, >= 3.71.0)
      aws-sigv4 (~> 1.1)
    aws-sdk-s3 (1.59.0)
      aws-sdk-core (~> 3, >= 3.83.0)
      aws-sdk-kms (~> 1)
      aws-sigv4 (~> 1.1)
    aws-sigv4 (1.1.0)
      aws-eventstream (~> 1.0, >= 1.0.2)
    cloudflare (4.2.0)
      async-rest (~> 0.10.0)
    coderay (1.1.2)
    concurrent-ruby (1.1.5)
    console (1.6.0)
    diff-lcs (1.3)
    i18n (1.7.0)
      concurrent-ruby (~> 1.0)
    jmespath (1.4.0)
    method_source (0.9.2)
    minitest (5.13.0)
    mustermann (1.0.3)
    nio4r (2.5.2)
    protocol-hpack (1.4.1)
    protocol-http (0.13.0)
    protocol-http1 (0.10.0)
      protocol-http (~> 0.13)
    protocol-http2 (0.10.4)
      protocol-hpack (~> 1.4)
      protocol-http (~> 0.2)
    pry (0.12.2)
      coderay (~> 1.1.0)
      method_source (~> 0.9.0)
    rack (2.0.7)
    rack-protection (2.0.7)
      rack
    rake (10.5.0)
    rspec (3.8.0)
      rspec-core (~> 3.8.0)
      rspec-expectations (~> 3.8.0)
      rspec-mocks (~> 3.8.0)
    rspec-core (3.8.0)
      rspec-support (~> 3.8.0)
    rspec-expectations (3.8.4)
      diff-lcs (>= 1.2.0, < 2.0)
      rspec-support (~> 3.8.0)
    rspec-mocks (3.8.0)
      diff-lcs (>= 1.2.0, < 2.0)
      rspec-support (~> 3.8.0)
    rspec-support (3.8.2)
    sinatra (2.0.7)
      mustermann (~> 1.0)
      rack (~> 2.0)
      rack-protection (= 2.0.7)
      tilt (~> 2.0)
    thread_safe (0.3.6)
    tilt (2.0.10)
    timers (4.3.0)
    tzinfo (1.2.5)
      thread_safe (~> 0.1)
    zeitwerk (2.2.2)

PLATFORMS
  ruby

DEPENDENCIES
  amazon_static_site!
  bundler (~> 1.17)
  pry
  rake (~> 10.0)
  rspec (~> 3.0)

BUNDLED WITH
   1.17.3
