PATH
  remote: .
  specs:
    amazon_static_site (0.1.0)
      activesupport
      aws-sdk-s3
      cloudflare

GEM
  remote: https://rubygems.org/
  specs:
    activesupport (5.2.3)
      concurrent-ruby (~> 1.0, >= 1.0.2)
      i18n (>= 0.7, < 2)
      minitest (~> 5.1)
      tzinfo (~> 1.1)
    async (1.19.0)
      console (~> 1.0)
      nio4r (~> 2.3)
      timers (~> 4.1)
    async-http (0.45.8)
      async (~> 1.19)
      async-io (~> 1.18)
      protocol-http (~> 0.8.0)
      protocol-http1 (~> 0.8.0)
      protocol-http2 (~> 0.8.0)
    async-io (1.23.1)
      async (~> 1.14)
    async-rest (0.8.2)
      async-http (~> 0.42)
      protocol-http (~> 0.7)
    aws-eventstream (1.0.3)
    aws-partitions (1.177.0)
    aws-sdk-core (3.56.0)
      aws-eventstream (~> 1.0, >= 1.0.2)
      aws-partitions (~> 1.0)
      aws-sigv4 (~> 1.1)
      jmespath (~> 1.0)
    aws-sdk-kms (1.22.0)
      aws-sdk-core (~> 3, >= 3.56.0)
      aws-sigv4 (~> 1.1)
    aws-sdk-s3 (1.43.0)
      aws-sdk-core (~> 3, >= 3.56.0)
      aws-sdk-kms (~> 1)
      aws-sigv4 (~> 1.1)
    aws-sigv4 (1.1.0)
      aws-eventstream (~> 1.0, >= 1.0.2)
    cloudflare (4.1.1)
      async-rest (~> 0.8.0)
    coderay (1.1.2)
    concurrent-ruby (1.1.5)
    console (1.3.2)
    diff-lcs (1.3)
    i18n (1.6.0)
      concurrent-ruby (~> 1.0)
    jmespath (1.4.0)
    method_source (0.9.2)
    minitest (5.11.3)
    nio4r (2.3.1)
    protocol-hpack (1.4.1)
    protocol-http (0.8.1)
    protocol-http1 (0.8.0)
      protocol-http (~> 0.5)
    protocol-http2 (0.8.2)
      protocol-hpack (~> 1.4)
      protocol-http (~> 0.2)
    pry (0.12.2)
      coderay (~> 1.1.0)
      method_source (~> 0.9.0)
    rake (10.5.0)
    rspec (3.8.0)
      rspec-core (~> 3.8.0)
      rspec-expectations (~> 3.8.0)
      rspec-mocks (~> 3.8.0)
    rspec-core (3.8.0)
      rspec-support (~> 3.8.0)
    rspec-expectations (3.8.4)
      diff-lcs (>= 1.2.0, < 2.0)
      rspec-support (~> 3.8.0)
    rspec-mocks (3.8.0)
      diff-lcs (>= 1.2.0, < 2.0)
      rspec-support (~> 3.8.0)
    rspec-support (3.8.2)
    thread_safe (0.3.6)
    timers (4.3.0)
    tzinfo (1.2.5)
      thread_safe (~> 0.1)

PLATFORMS
  ruby

DEPENDENCIES
  amazon_static_site!
  bundler (~> 1.17)
  pry
  rake (~> 10.0)
  rspec (~> 3.0)

BUNDLED WITH
   1.17.3
